GEM
  remote: http://rubygems.org/
  specs:
    actioncable (7.0.4.1)
      actionpack (= 7.0.4.1)
      activesupport (= 7.0.4.1)
      nio4r (~> 2.0)
      websocket-driver (>= 0.6.1)
    actionmailbox (7.0.4.1)
      actionpack (= 7.0.4.1)
      activejob (= 7.0.4.1)
      activerecord (= 7.0.4.1)
      activestorage (= 7.0.4.1)
      activesupport (= 7.0.4.1)
      mail (>= 2.7.1)
      net-imap
      net-pop
      net-smtp
    actionmailer (7.0.4.1)
      actionpack (= 7.0.4.1)
      actionview (= 7.0.4.1)
      activejob (= 7.0.4.1)
      activesupport (= 7.0.4.1)
      mail (~> 2.5, >= 2.5.4)
      net-imap
      net-pop
      net-smtp
      rails-dom-testing (~> 2.0)
    actionpack (7.0.4.1)
      actionview (= 7.0.4.1)
      activesupport (= 7.0.4.1)
      rack (~> 2.0, >= 2.2.0)
      rack-test (>= 0.6.3)
      rails-dom-testing (~> 2.0)
      rails-html-sanitizer (~> 1.0, >= 1.2.0)
    actiontext (7.0.4.1)
      actionpack (= 7.0.4.1)
      activerecord (= 7.0.4.1)
      activestorage (= 7.0.4.1)
      activesupport (= 7.0.4.1)
      globalid (>= 0.6.0)
      nokogiri (>= 1.8.5)
    actionview (7.0.4.1)
      activesupport (= 7.0.4.1)
      builder (~> 3.1)
      erubi (~> 1.4)
      rails-dom-testing (~> 2.0)
      rails-html-sanitizer (~> 1.1, >= 1.2.0)
    activejob (7.0.4.1)
      activesupport (= 7.0.4.1)
      globalid (>= 0.3.6)
    activemodel (7.0.4.1)
      activesupport (= 7.0.4.1)
    activerecord (7.0.4.1)
      activemodel (= 7.0.4.1)
      activesupport (= 7.0.4.1)
    activestorage (7.0.4.1)
      actionpack (= 7.0.4.1)
      activejob (= 7.0.4.1)
      activerecord (= 7.0.4.1)
      activesupport (= 7.0.4.1)
      marcel (~> 1.0)
      mini_mime (>= 1.1.0)
    activesupport (7.0.4.1)
      concurrent-ruby (~> 1.0, >= 1.0.2)
      i18n (>= 1.6, < 2)
      minitest (>= 5.1)
      tzinfo (~> 2.0)
    addressable (2.4.0)
    builder (3.2.4)
    concurrent-ruby (1.1.10)
    crass (1.0.6)
    date (3.3.3)
    descendants_tracker (0.0.4)
      thread_safe (~> 0.3, >= 0.3.1)
    diff-lcs (1.2.5)
    docile (1.1.5)
    erubi (1.12.0)
    factory_girl (4.5.0)
      activesupport (>= 3.0.0)
    faraday (0.9.2)
      multipart-post (>= 1.2, < 3)
    git (1.11.0)
      rchardet (~> 1.8)
    github_api (0.16.0)
      addressable (~> 2.4.0)
      descendants_tracker (~> 0.0.4)
      faraday (~> 0.8, < 0.10)
      hashie (>= 3.4)
      mime-types (>= 1.16, < 3.0)
      oauth2 (~> 1.0)
    globalid (1.0.1)
      activesupport (>= 5.0)
    hashie (5.0.0)
    highline (2.1.0)
    i18n (1.12.0)
      concurrent-ruby (~> 1.0)
    jeweler (2.3.9)
      builder
      bundler
      git (>= 1.2.5)
      github_api (~> 0.16.0)
      highline (>= 1.6.15)
      nokogiri (>= 1.5.10)
      psych
      rake
      rdoc
      semver2
    json (1.8.6)
    jwt (2.6.0)
    loofah (2.19.1)
      crass (~> 1.0.2)
      nokogiri (>= 1.5.9)
    mail (2.8.0.1)
      mini_mime (>= 0.1.1)
      net-imap
      net-pop
      net-smtp
    marcel (1.0.2)
    method_source (1.0.0)
    mime-types (2.99.3)
    mini_mime (1.1.2)
    mini_portile2 (2.8.1)
    minitest (5.17.0)
    multi_json (1.15.0)
    multi_xml (0.6.0)
    multipart-post (2.2.3)
    net-imap (0.3.4)
      date
      net-protocol
    net-pop (0.1.2)
      net-protocol
    net-protocol (0.2.1)
      timeout
    net-smtp (0.3.3)
      net-protocol
    nio4r (2.5.8)
    nokogiri (1.14.0)
      mini_portile2 (~> 2.8.0)
      racc (~> 1.4)
    oauth2 (1.4.8)
      faraday (>= 0.8, < 3.0)
      jwt (>= 1.0, < 3.0)
      multi_json (~> 1.3)
      multi_xml (~> 0.5)
      rack (>= 1.2, < 3)
    psych (5.0.2)
      stringio
    racc (1.6.2)
    rack (2.2.6.2)
    rack-test (2.0.2)
      rack (>= 1.3)
    rails (7.0.4.1)
      actioncable (= 7.0.4.1)
      actionmailbox (= 7.0.4.1)
      actionmailer (= 7.0.4.1)
      actionpack (= 7.0.4.1)
      actiontext (= 7.0.4.1)
      actionview (= 7.0.4.1)
      activejob (= 7.0.4.1)
      activemodel (= 7.0.4.1)
      activerecord (= 7.0.4.1)
      activestorage (= 7.0.4.1)
      activesupport (= 7.0.4.1)
      bundler (>= 1.15.0)
      railties (= 7.0.4.1)
    rails-dom-testing (2.0.3)
      activesupport (>= 4.2.0)
      nokogiri (>= 1.6)
    rails-html-sanitizer (1.4.4)
      loofah (~> 2.19, >= 2.19.1)
    railties (7.0.4.1)
      actionpack (= 7.0.4.1)
      activesupport (= 7.0.4.1)
      method_source
      rake (>= 12.2)
      thor (~> 1.0)
      zeitwerk (~> 2.5)
    rake (13.0.6)
    rchardet (1.8.0)
    rcov (1.0.0)
    rdoc (3.12.2)
      json (~> 1.4)
    rspec (3.4.0)
      rspec-core (~> 3.4.0)
      rspec-expectations (~> 3.4.0)
      rspec-mocks (~> 3.4.0)
    rspec-core (3.4.4)
      rspec-support (~> 3.4.0)
    rspec-expectations (3.4.0)
      diff-lcs (>= 1.2.0, < 2.0)
      rspec-support (~> 3.4.0)
    rspec-mocks (3.4.1)
      diff-lcs (>= 1.2.0, < 2.0)
      rspec-support (~> 3.4.0)
    rspec-support (3.4.1)
    semver2 (3.4.2)
    simplecov (0.11.2)
      docile (~> 1.1.0)
      json (~> 1.8)
      simplecov-html (~> 0.10.0)
    simplecov-html (0.10.0)
    stringio (3.0.4)
    thor (1.2.1)
    thread_safe (0.3.6)
    timeout (0.3.1)
    tzinfo (2.0.5)
      concurrent-ruby (~> 1.0)
    websocket-driver (0.7.5)
      websocket-extensions (>= 0.1.0)
    websocket-extensions (0.1.5)
    zeitwerk (2.6.6)

PLATFORMS
  ruby

DEPENDENCIES
  activesupport (>= 2.3.5)
  bundler (>= 1.0.0)
  factory_girl (>= 1.3.0)
  jeweler (~> 2.3.9)
  rails (= 7.0.4.1)
  rcov
  rdoc (~> 3.12)
  rspec (>= 2.99.0)
  simplecov

BUNDLED WITH
   1.10.6
